PATH
  remote: .
  specs:
    cashstar (0.1.6)
      faraday (~> 0.8.0)
      faraday_middleware (~> 0.8.0)
      hashie (~> 1.2.0)
      multi_json (~> 1.3.0)
      multi_xml (~> 0.5.0)

GEM
  remote: http://rubygems.org/
  specs:
    addressable (2.3.2)
    crack (0.3.2)
    diff-lcs (1.1.3)
    faraday (0.8.6)
      multipart-post (~> 1.1)
    faraday_middleware (0.8.8)
      faraday (>= 0.7.4, < 0.9)
    hashie (1.2.0)
    metaclass (0.0.1)
    mocha (0.13.1)
      metaclass (~> 0.0.1)
    multi_json (1.3.7)
    multi_xml (0.5.3)
    multipart-post (1.2.0)
    rspec (2.12.0)
      rspec-core (~> 2.12.0)
      rspec-expectations (~> 2.12.0)
      rspec-mocks (~> 2.12.0)
    rspec-core (2.12.2)
    rspec-expectations (2.12.1)
      diff-lcs (~> 1.1.3)
    rspec-mocks (2.12.1)
    webmock (1.9.0)
      addressable (>= 2.2.7)
      crack (>= 0.1.7)

PLATFORMS
  ruby

DEPENDENCIES
  cashstar!
  mocha (~> 0.13)
  rspec (~> 2.12)
  webmock (~> 1.9)
